GEM
  remote: https://rubygems.org/
  specs:
    macaddr (1.7.2)
      systemu (~> 2.6.5)
    mustermann (3.0.0)
      ruby2_keywords (~> 0.0.1)
    nio4r (2.5.9)
    pg (1.5.3)
    puma (6.3.0)
      nio4r (~> 2.0)
    rack (2.2.8)
    rack-protection (3.0.6)
      rack
    ruby2_keywords (0.0.5)
    sinatra (3.0.6)
      mustermann (~> 3.0)
      rack (~> 2.2, >= 2.2.4)
      rack-protection (= 3.0.6)
      tilt (~> 2.0)
    sinatra-cross_origin (0.4.0)
    systemu (2.6.5)
    tilt (2.2.0)
    uuid (2.3.9)
      macaddr (~> 1.0)

PLATFORMS
  x86_64-linux

DEPENDENCIES
  pg
  puma
  rack
  sinatra
  sinatra-cross_origin
  uuid

BUNDLED WITH
   2.4.12
